PATH
  remote: .
  specs:
    githubrepo (0.2.2)
      clipboard (~> 1.0.5)
      commander (~> 4.1.6)
      httparty (~> 0.13.0)
      json (~> 1.8.1)
      json_pure (~> 1.8.1)
      os (~> 0.9.6)

GEM
  remote: https://rubygems.org/
  specs:
    addressable (2.3.6)
    clipboard (1.0.5)
    commander (4.1.6)
      highline (~> 1.6.11)
    crack (0.4.2)
      safe_yaml (~> 1.0.0)
    diff-lcs (1.2.5)
    highline (1.6.21)
    httparty (0.13.1)
      json (~> 1.8)
      multi_xml (>= 0.5.2)
    json (1.8.1)
    json_pure (1.8.1)
    multi_xml (0.5.5)
    os (0.9.6)
    rake (10.1.1)
    rspec (3.0.0)
      rspec-core (~> 3.0.0)
      rspec-expectations (~> 3.0.0)
      rspec-mocks (~> 3.0.0)
    rspec-core (3.0.3)
      rspec-support (~> 3.0.0)
    rspec-expectations (3.0.3)
      diff-lcs (>= 1.2.0, < 2.0)
      rspec-support (~> 3.0.0)
    rspec-mocks (3.0.3)
      rspec-support (~> 3.0.0)
    rspec-support (3.0.3)
    safe_yaml (1.0.3)
    vcr (2.9.2)
    webmock (1.18.0)
      addressable (>= 2.3.6)
      crack (>= 0.3.2)

PLATFORMS
  ruby

DEPENDENCIES
  bundler (~> 1.3)
  githubrepo!
  rake
  rspec
  vcr
  webmock
